GEM
  remote: https://rubygems.org/
  specs:
    coderay (1.1.0)
    excon (0.34.0)
    json (1.8.1)
    method_source (0.8.2)
    mime-types (2.2)
    plaid (0.1.4)
      json
      rest-client
    pry (0.10.0)
      coderay (~> 1.1.0)
      method_source (~> 0.8.1)
      slop (~> 3.4)
    rest-client (1.6.7)
      mime-types (>= 1.16)
    slop (3.6.0)

PLATFORMS
  ruby

DEPENDENCIES
  excon (~> 0.34.0)
  json
  plaid (~> 0.1.4)
  pry
